GIT
  remote: git://github.com/eventmachine/eventmachine.git
  revision: debad3c6a3d623ae2fe5e2495ce6a5e18e6ba1e8
  specs:
    eventmachine (1.2.0.1)

GIT
  remote: git://github.com/igrigorik/em-http-request.git
  revision: bcba7b6e80ef9c211c7d56c90ab91a232fa6e212
  specs:
    em-http-request (1.1.5)
      addressable (>= 2.3.4)
      cookiejar (!= 0.3.1)
      em-socksify (>= 0.3)
      eventmachine (>= 1.0.3)
      http_parser.rb (>= 0.6.0)

GEM
  remote: http://rubygems.org/
  specs:
    addressable (2.4.0)
    cookiejar (0.3.3)
    em-socksify (0.3.1)
      eventmachine (>= 1.0.0.beta.4)
    em-stathat (0.1.0)
      em-http-request (~> 1.0)
    http_parser.rb (0.6.0)
    log4r (1.1.10)
    redis (3.3.1)
    yajl-ruby (1.2.1)

PLATFORMS
  ruby

DEPENDENCIES
  em-http-request!
  em-stathat
  eventmachine!
  log4r
  redis (~> 3.2)
  yajl-ruby

BUNDLED WITH
   1.12.5
