GIT
  remote: git://github.com/eventmachine/eventmachine.git
  revision: 4de7d0e00fe87819840ba7c7c91e7ed09b85467c
  specs:
    eventmachine (1.0.4)

GIT
  remote: git://github.com/igrigorik/em-http-request.git
  revision: 5145b7cf1fa3deb35629a115259dd260653ec7bd
  specs:
    em-http-request (1.1.2)
      addressable (>= 2.3.4)
      cookiejar (<= 0.3.0)
      em-socksify (>= 0.3)
      eventmachine (>= 1.0.3)
      http_parser.rb (>= 0.6.0)

GEM
  remote: http://rubygems.org/
  specs:
    addressable (2.3.6)
    cookiejar (0.3.0)
    em-socksify (0.3.0)
      eventmachine (>= 1.0.0.beta.4)
    em-stathat (0.1.0)
      em-http-request (~> 1.0)
    http_parser.rb (0.6.0)
    log4r (1.1.10)
    redis (3.2.2)
    yajl-ruby (1.2.1)

PLATFORMS
  ruby

DEPENDENCIES
  em-http-request!
  em-stathat
  eventmachine!
  log4r
  redis (~> 3.2)
  yajl-ruby

BUNDLED WITH
   1.11.2
